PATH
  remote: .
  specs:
    NoodleSoop (0.1.0)

GEM
  remote: https://rubygems.org/
  specs:
    diff-lcs (1.6.1)
    rake (10.5.0)
    rspec (3.13.0)
      rspec-core (~> 3.13.0)
      rspec-expectations (~> 3.13.0)
      rspec-mocks (~> 3.13.0)
    rspec-core (3.13.3)
      rspec-support (~> 3.13.0)
    rspec-expectations (3.13.4)
      diff-lcs (>= 1.2.0, < 2.0)
      rspec-support (~> 3.13.0)
    rspec-mocks (3.13.4)
      diff-lcs (>= 1.2.0, < 2.0)
      rspec-support (~> 3.13.0)
    rspec-support (3.13.3)
    thor (1.3.2)
    timecop (0.9.10)

PLATFORMS
  ruby

DEPENDENCIES
  NoodleSoop!
  bundler (~> 1.17)
  rake (~> 10.0)
  rspec (~> 3.0)
  thor (~> 1.3)
  timecop (~> 0.9.10)

BUNDLED WITH
   1.17.2
